GIT
  remote: git://github.com/insales/insales_api.git
  revision: fe8fbed399d729a0597474ccdb5fcb52e633b0b1
  branch: master
  specs:
    insales_api (0.1.3)
      activeresource (>= 3.0.0)
      activesupport (>= 3.0.0)

GEM
  remote: https://rubygems.org/
  specs:
    actionmailer (4.2.5.2)
      actionpack (= 4.2.5.2)
      actionview (= 4.2.5.2)
      activejob (= 4.2.5.2)
      mail (~> 2.5, >= 2.5.4)
      rails-dom-testing (~> 1.0, >= 1.0.5)
    actionpack (4.2.5.2)
      actionview (= 4.2.5.2)
      activesupport (= 4.2.5.2)
      rack (~> 1.6)
      rack-test (~> 0.6.2)
      rails-dom-testing (~> 1.0, >= 1.0.5)
      rails-html-sanitizer (~> 1.0, >= 1.0.2)
    actionview (4.2.5.2)
      activesupport (= 4.2.5.2)
      builder (~> 3.1)
      erubis (~> 2.7.0)
      rails-dom-testing (~> 1.0, >= 1.0.5)
      rails-html-sanitizer (~> 1.0, >= 1.0.2)
    activejob (4.2.5.2)
      activesupport (= 4.2.5.2)
      globalid (>= 0.3.0)
    activemodel (4.2.5.2)
      activesupport (= 4.2.5.2)
      builder (~> 3.1)
    activerecord (4.2.5.2)
      activemodel (= 4.2.5.2)
      activesupport (= 4.2.5.2)
      arel (~> 6.0)
    activeresource (4.1.0)
      activemodel (~> 4.0)
      activesupport (~> 4.0)
      rails-observers (~> 0.1.2)
    activesupport (4.2.5.2)
      i18n (~> 0.7)
      json (~> 1.7, >= 1.7.7)
      minitest (~> 5.1)
      thread_safe (~> 0.3, >= 0.3.4)
      tzinfo (~> 1.1)
    arel (6.0.3)
    autoprefixer-rails (6.7.7.1)
      execjs
    bcrypt (3.1.11)
    binding_of_caller (0.7.2)
      debug_inspector (>= 0.0.1)
    bootstrap-sass (3.3.7)
      autoprefixer-rails (>= 5.2.1)
      sass (>= 3.3.4)
    builder (3.2.2)
    byebug (8.2.2)
    coffee-rails (4.1.1)
      coffee-script (>= 2.2.0)
      railties (>= 4.0.0, < 5.1.x)
    coffee-script (2.4.1)
      coffee-script-source
      execjs
    coffee-script-source (1.10.0)
    concurrent-ruby (1.0.1)
    debug_inspector (0.0.2)
    domain_name (0.5.20170404)
      unf (>= 0.0.5, < 1.0.0)
    erubis (2.7.0)
    execjs (2.6.0)
    globalid (0.3.6)
      activesupport (>= 4.1.0)
    haml (4.0.7)
      tilt
    http-cookie (1.0.3)
      domain_name (~> 0.5)
    i18n (0.7.0)
    jbuilder (2.4.1)
      activesupport (>= 3.0.0, < 5.1)
      multi_json (~> 1.2)
    jquery-rails (4.1.0)
      rails-dom-testing (~> 1.0)
      railties (>= 4.2.0)
      thor (>= 0.14, < 2.0)
    json (1.8.3)
    kgio (2.10.0)
    loofah (2.0.3)
      nokogiri (>= 1.5.9)
    mail (2.6.3)
      mime-types (>= 1.16, < 3)
    mechanize (2.7.5)
      domain_name (~> 0.5, >= 0.5.1)
      http-cookie (~> 1.0)
      mime-types (>= 1.17.2)
      net-http-digest_auth (~> 1.1, >= 1.1.1)
      net-http-persistent (~> 2.5, >= 2.5.2)
      nokogiri (~> 1.6)
      ntlm-http (~> 0.1, >= 0.1.1)
      webrobots (>= 0.0.9, < 0.2)
    mime-types (2.99.1)
    mini_portile2 (2.0.0)
    minitest (5.8.4)
    multi_json (1.11.2)
    net-http-digest_auth (1.4.1)
    net-http-persistent (2.9.4)
    netrc (0.11.0)
    nokogiri (1.6.7.2)
      mini_portile2 (~> 2.0.0.rc2)
    ntlm-http (0.1.1)
    pg (0.18.4)
    polyamorous (1.3.1)
      activerecord (>= 3.0)
    rack (1.6.4)
    rack-test (0.6.3)
      rack (>= 1.0)
    rails (4.2.5.2)
      actionmailer (= 4.2.5.2)
      actionpack (= 4.2.5.2)
      actionview (= 4.2.5.2)
      activejob (= 4.2.5.2)
      activemodel (= 4.2.5.2)
      activerecord (= 4.2.5.2)
      activesupport (= 4.2.5.2)
      bundler (>= 1.3.0, < 2.0)
      railties (= 4.2.5.2)
      sprockets-rails
    rails-deprecated_sanitizer (1.0.3)
      activesupport (>= 4.2.0.alpha)
    rails-dom-testing (1.0.7)
      activesupport (>= 4.2.0.beta, < 5.0)
      nokogiri (~> 1.6.0)
      rails-deprecated_sanitizer (>= 1.0.1)
    rails-html-sanitizer (1.0.3)
      loofah (~> 2.0)
    rails-observers (0.1.2)
      activemodel (~> 4.0)
    railties (4.2.5.2)
      actionpack (= 4.2.5.2)
      activesupport (= 4.2.5.2)
      rake (>= 0.8.7)
      thor (>= 0.18.1, < 2.0)
    raindrops (0.16.0)
    rake (12.0.0)
    ransack (1.8.2)
      actionpack (>= 3.0)
      activerecord (>= 3.0)
      activesupport (>= 3.0)
      i18n
      polyamorous (~> 1.3)
    rdoc (4.2.2)
      json (~> 1.4)
    rest-client (2.0.1)
      http-cookie (>= 1.0.2, < 2.0)
      mime-types (>= 1.16, < 4.0)
      netrc (~> 0.8)
    roo (2.4.0)
      nokogiri (~> 1)
      rubyzip (~> 1.1, < 2.0.0)
    roo-xls (1.0.0)
      nokogiri
      roo (>= 2.0.0beta1, < 3)
      spreadsheet (> 0.9.0)
    ru_propisju (2.5.0)
    ruby-ole (1.2.12.1)
    rubyzip (1.2.1)
    sass (3.4.21)
    sass-rails (5.0.4)
      railties (>= 4.0.0, < 5.0)
      sass (~> 3.1)
      sprockets (>= 2.8, < 4.0)
      sprockets-rails (>= 2.0, < 4.0)
      tilt (>= 1.1, < 3)
    sdoc (0.4.1)
      json (~> 1.7, >= 1.7.7)
      rdoc (~> 4.0)
    simple_form (3.4.0)
      actionpack (> 4, < 5.1)
      activemodel (> 4, < 5.1)
    spreadsheet (1.1.4)
      ruby-ole (>= 1.0)
    spring (1.6.4)
    sprockets (3.5.2)
      concurrent-ruby (~> 1.0)
      rack (> 1, < 3)
    sprockets-rails (3.0.4)
      actionpack (>= 4.0)
      activesupport (>= 4.0)
      sprockets (>= 3.0.0)
    thor (0.19.1)
    thread_safe (0.3.5)
    tilt (2.0.2)
    tzinfo (1.2.2)
      thread_safe (~> 0.1)
    uglifier (2.7.2)
      execjs (>= 0.3.0)
      json (>= 1.8.0)
    unf (0.1.4)
      unf_ext
    unf_ext (0.0.7.2)
    unicorn (5.0.1)
      kgio (~> 2.6)
      rack
      raindrops (~> 0.7)
    web-console (2.3.0)
      activemodel (>= 4.0)
      binding_of_caller (>= 0.7.2)
      railties (>= 4.0)
      sprockets-rails (>= 2.0, < 4.0)
    webrobots (0.1.2)
    will_paginate (3.0.12)

PLATFORMS
  ruby

DEPENDENCIES
  bcrypt (~> 3.1.7)
  bootstrap-sass
  byebug
  coffee-rails (~> 4.1.0)
  haml
  insales_api!
  jbuilder (~> 2.0)
  jquery-rails
  mechanize
  pg (~> 0.15)
  rails (= 4.2.5.2)
  ransack
  rest-client
  roo
  roo-xls
  ru_propisju
  sass-rails (~> 5.0)
  sdoc (~> 0.4.0)
  simple_form
  spring
  sprockets-rails
  uglifier (>= 1.3.0)
  unicorn
  web-console (~> 2.0)
  will_paginate (~> 3.0.6)
